GEM
  remote: http://rubygems.org/
  remote: http://gems.github.com/
  specs:
    actionmailer (2.3.14)
      actionpack (= 2.3.14)
    actionpack (2.3.14)
      activesupport (= 2.3.14)
      rack (~> 1.1.0)
    activerecord (2.3.14)
      activesupport (= 2.3.14)
    activeresource (2.3.14)
      activesupport (= 2.3.14)
    activesupport (2.3.14)
    guid (0.1.1)
    mislav-will_paginate (2.2.3)
    rack (1.1.3)
    rails (2.3.14)
      actionmailer (= 2.3.14)
      actionpack (= 2.3.14)
      activerecord (= 2.3.14)
      activeresource (= 2.3.14)
      activesupport (= 2.3.14)
      rake (>= 0.8.3)
    rake (0.9.2.2)
    sparklines (0.5.2)

PLATFORMS
  ruby

DEPENDENCIES
  guid
  mislav-will_paginate (~> 2.2.3)
  rails (~> 2.3.14)
  sparklines
