GEM
  remote: http://rubygems.org/
  remote: http://gems.github.com/
  specs:
    actionmailer (2.3.14)
      actionpack (= 2.3.14)
    actionpack (2.3.14)
      activesupport (= 2.3.14)
      rack (~> 1.1.0)
    activerecord (2.3.14)
      activesupport (= 2.3.14)
    activeresource (2.3.14)
      activesupport (= 2.3.14)
    activesupport (2.3.14)
    bitly (0.5.3)
      crack (>= 0.1.4)
      httparty (>= 0.5.2)
    builder (2.1.2)
    couchrest (1.0.1)
      json (>= 1.4.6)
      mime-types (>= 1.15)
      rest-client (>= 1.5.1)
    couchrest_extended_document (1.0.0)
      activesupport (>= 2.3.0)
      builder (>= 2.1.2)
      couchrest (>= 1.0.0)
      mime-types (>= 1.15)
    crack (0.3.1)
    faraday (0.8.4)
      multipart-post (~> 1.1)
    fastercsv (1.5.4)
    foursquare (0.3.4.1)
      httparty (>= 0.4.3)
    geokit (1.5.0)
    guid (0.1.1)
    hashie (1.2.0)
    httparty (0.8.3)
      multi_json (~> 1.0)
      multi_xml
    httpauth (0.2.0)
    i18n (0.4.2)
    json (1.7.4)
    mime-types (1.19)
    mislav-will_paginate (2.2.3)
    multi_json (1.3.6)
    multi_xml (0.5.1)
    multipart-post (1.1.5)
    oauth2 (0.6.1)
      faraday (~> 0.7)
      httpauth (~> 0.1)
      multi_json (~> 1.3)
    rack (1.1.3)
    rails (2.3.14)
      actionmailer (= 2.3.14)
      actionpack (= 2.3.14)
      activerecord (= 2.3.14)
      activeresource (= 2.3.14)
      activesupport (= 2.3.14)
      rake (>= 0.8.3)
    rake (0.9.2.2)
    rest-client (1.6.7)
      mime-types (>= 1.16)
    sparklines (0.5.2)
    tzinfo (0.3.33)

PLATFORMS
  ruby

DEPENDENCIES
  bitly
  builder (~> 2.1.2)
  couchrest (~> 1.0.1)
  couchrest_extended_document (~> 1.0.0)
  fastercsv
  foursquare
  geokit
  guid
  hashie
  i18n (~> 0.4.1)
  mislav-will_paginate (~> 2.2.3)
  oauth2
  rack (~> 1.1.0)
  rails (~> 2.3.14)
  sparklines
  tzinfo (~> 0.3.33)
